GEM
  remote: https://rubygems.org/
  specs:
    addressable (2.3.7)
    byebug (11.0.1)
    coderay (1.1.2)
    ethon (0.7.1)
      ffi (>= 1.3.0)
    ffi (1.11.1)
    method_source (0.9.2)
    pry (0.12.2)
      coderay (~> 1.1.0)
      method_source (~> 0.9.0)
    pry-byebug (3.7.0)
      byebug (~> 11.0)
      pry (~> 0.10)
    typhoeus (0.6.9)
      ethon (>= 0.7.1)

PLATFORMS
  ruby

DEPENDENCIES
  addressable
  pry-byebug
  typhoeus

BUNDLED WITH
   2.0.1
