GIT
  remote: https://github.com/zt2/ritm.git
  revision: e9afa0f9e2ab7bde02672e4da092bd6c56a16bce
  branch: develop
  specs:
    ritm (1.0.3)
      certificate_authority (~> 0.1.6)
      dot_hash (~> 0.5)
      faraday (~> 0.13)
      webrick (~> 1.3)

GEM
  remote: https://rubygems.org/
  specs:
    activemodel (7.0.4.1)
      activesupport (= 7.0.4.1)
    activesupport (7.0.4.1)
      concurrent-ruby (~> 1.0, >= 1.0.2)
      i18n (>= 1.6, < 2)
      minitest (>= 5.1)
      tzinfo (~> 2.0)
    addressable (2.8.0)
      public_suffix (>= 2.0.2, < 5.0)
    certificate_authority (0.1.6)
      activemodel (>= 3.0.6)
    concurrent-ruby (1.1.10)
    domain_name (0.5.20190701)
      unf (>= 0.0.5, < 1.0.0)
    dot_hash (0.5.9)
    faraday (0.17.3)
      multipart-post (>= 1.2, < 3)
    ffi (1.13.1)
    ffi-compiler (1.0.1)
      ffi (>= 1.0.0)
      rake
    formatador (0.2.5)
    http (4.4.1)
      addressable (~> 2.3)
      http-cookie (~> 1.0)
      http-form_data (~> 2.2)
      http-parser (~> 1.2.0)
    http-cookie (1.0.3)
      domain_name (~> 0.5)
    http-form_data (2.3.0)
    http-parser (1.2.1)
      ffi-compiler (>= 1.0, < 2.0)
    i18n (1.12.0)
      concurrent-ruby (~> 1.0)
    minitest (5.17.0)
    multipart-post (2.1.1)
    public_suffix (4.0.6)
    rake (13.0.1)
    tzinfo (2.0.5)
      concurrent-ruby (~> 1.0)
    unf (0.1.4)
      unf_ext
    unf_ext (0.0.7.7)
    webrick (1.6.0)

PLATFORMS
  ruby

DEPENDENCIES
  formatador (~> 0.2.5)
  http (~> 4.4, >= 4.4.1)
  ritm (= 1.0.3)!

BUNDLED WITH
   2.1.4
